GIT
  remote: https://github.com/benpickles/parklife
  revision: 9d1a2d6dfddcb985d5ec412d52dda2df7ff4c8c6
  specs:
    parklife (0.1.0)
      capybara
      thor

GEM
  remote: https://rubygems.org/
  specs:
    activemodel (7.0.4)
      activesupport (= 7.0.4)
    activerecord (7.0.4)
      activemodel (= 7.0.4)
      activesupport (= 7.0.4)
    activesupport (7.0.4)
      concurrent-ruby (~> 1.0, >= 1.0.2)
      i18n (>= 1.6, < 2)
      minitest (>= 5.1)
      tzinfo (~> 2.0)
    addressable (2.8.1)
      public_suffix (>= 2.0.2, < 6.0)
    arel (9.0.0)
    capybara (3.38.0)
      addressable
      matrix
      mini_mime (>= 0.1.3)
      nokogiri (~> 1.8)
      rack (>= 1.6.0)
      rack-test (>= 0.6.3)
      regexp_parser (>= 1.5, < 3.0)
      xpath (~> 3.2)
    concurrent-ruby (1.1.10)
    google-protobuf (3.21.12)
    i18n (1.12.0)
      concurrent-ruby (~> 1.0)
    matrix (0.4.2)
    mini_mime (1.1.2)
    mini_portile2 (2.8.1)
    minitest (5.17.0)
    mustache (1.1.1)
    mustache-sinatra (1.0.0)
    mustermann (3.0.0)
      ruby2_keywords (~> 0.0.1)
    niceql (0.6.1)
    nio4r (2.5.8)
    nokogiri (1.14.0)
      mini_portile2 (~> 2.8.0)
      racc (~> 1.4)
    nokogiri (1.14.0-arm64-darwin)
      racc (~> 1.4)
    pg (1.4.5)
    pg_query (2.2.0)
      google-protobuf (>= 3.19.2)
    public_suffix (5.0.1)
    puma (6.0.2)
      nio4r (~> 2.0)
    pygments.rb (2.3.1)
    racc (1.6.2)
    rack (2.2.5)
    rack-protection (3.0.5)
      rack
    rack-test (2.0.2)
      rack (>= 1.3)
    rdiscount (2.2.7)
    regexp_parser (2.6.1)
    ruby2_keywords (0.0.5)
    shotgun (0.9.2)
      rack (>= 1.0)
    sinatra (3.0.5)
      mustermann (~> 3.0)
      rack (~> 2.2, >= 2.2.4)
      rack-protection (= 3.0.5)
      tilt (~> 2.0)
    sqlite3 (1.6.0)
      mini_portile2 (~> 2.8.0)
    sqlite3 (1.6.0-arm64-darwin)
    thor (1.2.1)
    tilt (2.0.11)
    tzinfo (2.0.5)
      concurrent-ruby (~> 1.0)
    xpath (3.2.0)
      nokogiri (~> 1.8)

PLATFORMS
  arm64-darwin-22
  ruby

DEPENDENCIES
  activerecord
  activesupport
  arel
  mustache
  mustache-sinatra
  niceql
  parklife!
  pg
  pg_query
  puma
  pygments.rb
  rdiscount
  shotgun
  sinatra
  sqlite3

BUNDLED WITH
   2.4.1
